GEM
  remote: http://rubygems.org/
  specs:
    addressable (2.3.2)
    backports (2.6.4)
    childprocess (0.3.5)
      ffi (~> 1.0, >= 1.0.6)
    daemons (1.1.9)
    diff-lcs (1.1.3)
    eventmachine (0.12.10)
    ffi (1.1.5)
    haml (3.1.7)
    headless (0.3.1)
    jasmine (1.2.1)
      jasmine-core (>= 1.2.0)
      rack (~> 1.0)
      rspec (>= 1.3.1)
      selenium-webdriver (>= 0.1.3)
    jasmine-core (1.2.0)
    jsmin (1.0.1)
    json (1.7.5)
    libwebsocket (0.1.5)
      addressable
    multi_json (1.3.6)
    nokogiri (1.5.5)
    rack (1.4.1)
    rack-flash3 (1.0.1)
      rack
      rack
    rack-protection (1.2.0)
      rack
    rack-test (0.6.1)
      rack (>= 1.0)
    rspec (2.11.0)
      rspec-core (~> 2.11.0)
      rspec-expectations (~> 2.11.0)
      rspec-mocks (~> 2.11.0)
    rspec-core (2.11.1)
    rspec-expectations (2.11.2)
      diff-lcs (~> 1.1.3)
    rspec-mocks (2.11.2)
    rubyzip (0.9.9)
    sass (3.2.1)
    selenium-webdriver (2.25.0)
      childprocess (>= 0.2.5)
      libwebsocket (~> 0.1.3)
      multi_json (~> 1.0)
      rubyzip
    sequel (3.39.0)
    simplecov (0.6.4)
      multi_json (~> 1.0)
      simplecov-html (~> 0.5.3)
    simplecov-html (0.5.3)
    sinatra (1.3.3)
      rack (~> 1.3, >= 1.3.6)
      rack-protection (~> 1.2)
      tilt (~> 1.3, >= 1.3.3)
    sinatra-assetpack (0.0.11)
      jsmin
      rack-test
      sinatra
      tilt (>= 1.3.0)
    sinatra-base (1.4.0)
      rack (~> 1.3, >= 1.3.6)
      rack-protection (~> 1.2)
      tilt (~> 1.3, >= 1.3.3)
    sinatra-contrib (1.3.1)
      backports (>= 2.0)
      eventmachine
      rack-protection
      rack-test
      sinatra (~> 1.3.0)
      tilt (~> 1.3)
    sinatra-support (1.2.2)
      sinatra (>= 1.0)
    sqlite3 (1.3.6)
    thin (1.4.1)
      daemons (>= 1.0.9)
      eventmachine (>= 0.12.6)
      rack (>= 1.0.0)
    tilt (1.3.3)
    webrat (0.7.3)
      nokogiri (>= 1.2.0)
      rack (>= 1.0)
      rack-test (>= 0.5.3)

PLATFORMS
  ruby

DEPENDENCIES
  haml
  headless
  jasmine
  json
  rack-flash3
  rack-test
  rspec
  sass
  sequel
  simplecov
  sinatra
  sinatra-assetpack
  sinatra-base
  sinatra-contrib
  sinatra-support
  sqlite3
  thin
  webrat
